GIT
  remote: https://github.com/dshmelev/tinybucket
  revision: 966907b177acdb4fefccd1fa73a9ef7e39fcaec2
  specs:
    tinybucket (1.4.0)
      activemodel (>= 4.1.6)
      activesupport (>= 4.1.6)
      faraday (~> 0.9)
      faraday-http-cache (~> 1.2)
      faraday_middleware (~> 0.10)
      simple_oauth (~> 0.3)

GIT
  remote: https://github.com/onetwotrip/SimpleConfig
  revision: 2637c73a0fbf0b29fa0e335825b8dcc021b46876
  specs:
    SimpleConfig (0.0.1)

GIT
  remote: https://github.com/onetwotrip/ott_infra-codereview.git
  revision: ce848670573d15bfc86eda92ba248baabd8248bd
  specs:
    ottinfra-codereview (0.1.0)

GIT
  remote: https://github.com/onetwotrip/ott_infra-sendmail.git
  revision: 70c7ec850362bad5349605a9581d631966dc7577
  specs:
    ottinfra-sendmail (0.0.1)
      sendgrid-ruby (~> 1.1, >= 1.1.6)

GIT
  remote: https://github.com/onetwotrip/ruby-git.git
  revision: c4b480a757c3e2f971401acd919788a1ab25eb3f
  specs:
    git (1.2.9.1)

PATH
  remote: .
  specs:
    jira (0.1.0)

GEM
  remote: https://rubygems.org/
  specs:
    activemodel (5.0.2)
      activesupport (= 5.0.2)
    activesupport (5.0.2)
      concurrent-ruby (~> 1.0, >= 1.0.2)
      i18n (~> 0.7)
      minitest (~> 5.1)
      tzinfo (~> 1.1)
    addressable (2.4.0)
    ast (2.2.0)
    childprocess (0.5.9)
      ffi (~> 1.0, >= 1.0.11)
    codeclimate-test-reporter (0.5.0)
      simplecov (>= 0.7.1, < 1.0.0)
    colorize (0.7.7)
    concurrent-ruby (1.0.5)
    diff-lcs (1.2.5)
    docile (1.1.5)
    domain_name (0.5.20160310)
      unf (>= 0.0.5, < 1.0.0)
    faraday (0.11.0)
      multipart-post (>= 1.2, < 3)
    faraday-http-cache (1.3.1)
      faraday (~> 0.8)
    faraday_middleware (0.11.0.1)
      faraday (>= 0.7.4, < 1.0)
    ffi (1.9.10)
    git_diff_parser (2.3.0)
    http-cookie (1.0.2)
      domain_name (~> 0.5)
    i18n (0.8.1)
    iniparse (1.4.2)
    java-properties (0.1.1)
    jira-ruby (1.1.2)
      activesupport
      oauth (~> 0.5, >= 0.5.0)
    json (1.8.6)
    mime-types (2.99.1)
    mimemagic (0.3.1)
    minitest (5.10.1)
    multipart-post (2.0.0)
    netrc (0.11.0)
    oauth (0.5.1)
    overcommit (0.33.0)
      childprocess (~> 0.5.8)
      iniparse (~> 1.4)
    parser (2.3.0.6)
      ast (~> 2.2)
    powerpack (0.1.1)
    rainbow (2.1.0)
    rake (11.1.1)
    rest-client (1.8.0)
      http-cookie (>= 1.0.2, < 2.0)
      mime-types (>= 1.16, < 3.0)
      netrc (~> 0.7)
    rspec (3.4.0)
      rspec-core (~> 3.4.0)
      rspec-expectations (~> 3.4.0)
      rspec-mocks (~> 3.4.0)
    rspec-core (3.4.4)
      rspec-support (~> 3.4.0)
    rspec-expectations (3.4.0)
      diff-lcs (>= 1.2.0, < 2.0)
      rspec-support (~> 3.4.0)
    rspec-mocks (3.4.1)
      diff-lcs (>= 1.2.0, < 2.0)
      rspec-support (~> 3.4.0)
    rspec-support (3.4.1)
    rubocop (0.38.0)
      parser (>= 2.3.0.6, < 3.0)
      powerpack (~> 0.1)
      rainbow (>= 1.99.1, < 3.0)
      ruby-progressbar (~> 1.7)
      unicode-display_width (~> 1.0, >= 1.0.1)
    ruby-progressbar (1.7.5)
    sendgrid-ruby (1.1.6)
      faraday (~> 0.9)
      mimemagic
      smtpapi (~> 0.1)
    simple_oauth (0.3.1)
    simplecov (0.11.2)
      docile (~> 1.1.0)
      json (~> 1.8)
      simplecov-html (~> 0.10.0)
    simplecov-html (0.10.0)
    slop (4.3.0)
    smtpapi (0.1.0)
    thread_safe (0.3.6)
    tzinfo (1.2.2)
      thread_safe (~> 0.1)
    unf (0.1.4)
      unf_ext
    unf_ext (0.0.7.2)
    unicode-display_width (1.0.2)

PLATFORMS
  ruby

DEPENDENCIES
  SimpleConfig!
  addressable
  codeclimate-test-reporter
  colorize
  git!
  git_diff_parser
  java-properties
  jira!
  jira-ruby
  json
  ottinfra-codereview!
  ottinfra-sendmail!
  overcommit
  rake
  rest-client
  rspec
  rubocop
  sendgrid-ruby
  simplecov
  slop
  tinybucket!

BUNDLED WITH
   1.14.6
