GIT
  remote: https://github.com/onetwotrip/SimpleConfig
  revision: 2637c73a0fbf0b29fa0e335825b8dcc021b46876
  specs:
    SimpleConfig (0.0.1)

GIT
  remote: https://github.com/onetwotrip/ott_infra-codereview.git
  revision: ce848670573d15bfc86eda92ba248baabd8248bd
  specs:
    ottinfra-codereview (0.1.0)

GIT
  remote: https://github.com/onetwotrip/ott_infra-sendmail.git
  revision: 70c7ec850362bad5349605a9581d631966dc7577
  specs:
    ottinfra-sendmail (0.0.1)
      sendgrid-ruby (~> 1.1, >= 1.1.6)

GIT
  remote: https://github.com/onetwotrip/ruby-git.git
  revision: c4b480a757c3e2f971401acd919788a1ab25eb3f
  specs:
    git (1.2.9.1)

GIT
  remote: https://github.com/onetwotrip/tinybucket
  revision: 966907b177acdb4fefccd1fa73a9ef7e39fcaec2
  specs:
    tinybucket (1.4.0)
      activemodel (>= 4.1.6)
      activesupport (>= 4.1.6)
      faraday (~> 0.9)
      faraday-http-cache (~> 1.2)
      faraday_middleware (~> 0.10)
      simple_oauth (~> 0.3)

PATH
  remote: .
  specs:
    jira (0.1.0)

GEM
  remote: https://rubygems.org/
  specs:
    activemodel (5.1.6)
      activesupport (= 5.1.6)
    activesupport (5.1.6)
      concurrent-ruby (~> 1.0, >= 1.0.2)
      i18n (>= 0.7, < 2)
      minitest (~> 5.1)
      tzinfo (~> 1.1)
    addressable (2.5.2)
      public_suffix (>= 2.0.2, < 4.0)
    ast (2.4.0)
    childprocess (0.9.0)
      ffi (~> 1.0, >= 1.0.11)
    colorize (0.8.1)
    concurrent-ruby (1.0.5)
    diff-lcs (1.3)
    docile (1.1.5)
    domain_name (0.5.20170404)
      unf (>= 0.0.5, < 1.0.0)
    faraday (0.14.0)
      multipart-post (>= 1.2, < 3)
    faraday-http-cache (1.3.1)
      faraday (~> 0.8)
    faraday_middleware (0.12.2)
      faraday (>= 0.7.4, < 1.0)
    ffi (1.9.23)
    git_diff_parser (3.1.0)
    http-cookie (1.0.3)
      domain_name (~> 0.5)
    i18n (1.0.0)
      concurrent-ruby (~> 1.0)
    iniparse (1.4.4)
    java-properties (0.2.0)
    jira-ruby (1.5.0)
      activesupport
      multipart-post
      oauth (~> 0.5, >= 0.5.0)
    json (2.1.0)
    mime-types (3.1)
      mime-types-data (~> 3.2015)
    mime-types-data (3.2016.0521)
    mimemagic (0.3.2)
    minitest (5.11.3)
    multipart-post (2.0.0)
    netrc (0.11.0)
    oauth (0.5.4)
    overcommit (0.44.0)
      childprocess (~> 0.6, >= 0.6.3)
      iniparse (~> 1.4)
    parallel (1.12.1)
    parser (2.5.0.5)
      ast (~> 2.4.0)
    powerpack (0.1.1)
    public_suffix (3.0.2)
    rainbow (3.0.0)
    rake (12.3.1)
    rest-client (2.0.2)
      http-cookie (>= 1.0.2, < 2.0)
      mime-types (>= 1.16, < 4.0)
      netrc (~> 0.8)
    rspec (3.7.0)
      rspec-core (~> 3.7.0)
      rspec-expectations (~> 3.7.0)
      rspec-mocks (~> 3.7.0)
    rspec-core (3.7.1)
      rspec-support (~> 3.7.0)
    rspec-expectations (3.7.0)
      diff-lcs (>= 1.2.0, < 2.0)
      rspec-support (~> 3.7.0)
    rspec-mocks (3.7.0)
      diff-lcs (>= 1.2.0, < 2.0)
      rspec-support (~> 3.7.0)
    rspec-support (3.7.1)
    rubocop (0.54.0)
      parallel (~> 1.10)
      parser (>= 2.5)
      powerpack (~> 0.1)
      rainbow (>= 2.2.2, < 4.0)
      ruby-progressbar (~> 1.7)
      unicode-display_width (~> 1.0, >= 1.0.1)
    ruby-progressbar (1.9.0)
    sendgrid-ruby (1.1.6)
      faraday (~> 0.9)
      mimemagic
      smtpapi (~> 0.1)
    simple_oauth (0.3.1)
    simplecov (0.13.0)
      docile (~> 1.1.0)
      json (>= 1.8, < 3)
      simplecov-html (~> 0.10.0)
    simplecov-html (0.10.2)
    slop (4.6.2)
    smtpapi (0.1.0)
    terminal-table (1.8.0)
      unicode-display_width (~> 1.1, >= 1.1.1)
    thread_safe (0.3.6)
    tzinfo (1.2.5)
      thread_safe (~> 0.1)
    unf (0.1.4)
      unf_ext
    unf_ext (0.0.7.5)
    unicode-display_width (1.3.0)

PLATFORMS
  ruby

DEPENDENCIES
  SimpleConfig!
  addressable
  colorize
  git!
  git_diff_parser
  java-properties
  jira!
  jira-ruby
  json
  ottinfra-codereview!
  ottinfra-sendmail!
  overcommit
  rake
  rest-client
  rspec
  rubocop
  sendgrid-ruby
  simplecov
  slop
  terminal-table
  tinybucket!

BUNDLED WITH
   1.16.1
