GEM
  remote: https://rubygems.org/
  specs:
    activesupport (4.2.3)
      i18n (~> 0.7)
      json (~> 1.7, >= 1.7.7)
      minitest (~> 5.1)
      thread_safe (~> 0.3, >= 0.3.4)
      tzinfo (~> 1.1)
    addressable (2.3.8)
    domain_name (0.5.24)
      unf (>= 0.0.5, < 1.0.0)
    git (1.2.9.1)
    http-cookie (1.0.2)
      domain_name (~> 0.5)
    i18n (0.7.0)
    java-properties (0.0.2)
    jira-ruby (0.1.14)
      activesupport
      oauth (~> 0.4.7)
    json (1.8.3)
    mime-types (2.6.1)
    minitest (5.7.0)
    netrc (0.10.3)
    oauth (0.4.7)
    rest-client (1.8.0)
      http-cookie (>= 1.0.2, < 2.0)
      mime-types (>= 1.16, < 3.0)
      netrc (~> 0.7)
    sendgrid-ruby (0.0.3)
      rest-client
      smtpapi
    slop (4.1.0)
    smtpapi (0.1.0)
    thread_safe (0.3.5)
    tzinfo (1.2.2)
      thread_safe (~> 0.1)
    unf (0.1.4)
      unf_ext
    unf_ext (0.0.7.1)

PLATFORMS
  ruby

DEPENDENCIES
  addressable
  git
  java-properties
  jira-ruby
  json
  rest-client
  sendgrid-ruby
  slop (= 4.1.0)
