GIT
  remote: https://github.com/onetwotrip/SimpleConfig
  revision: bd851aabf9b264374986339ad2e260c6ea49eb6a
  specs:
    SimpleConfig (0.0.1)

GIT
  remote: https://github.com/onetwotrip/ott_infra-codereview.git
  revision: ce848670573d15bfc86eda92ba248baabd8248bd
  specs:
    ottinfra-codereview (0.1.0)

GIT
  remote: https://github.com/onetwotrip/ott_infra-sendmail.git
  revision: 70c7ec850362bad5349605a9581d631966dc7577
  specs:
    ottinfra-sendmail (0.0.1)
      sendgrid-ruby (~> 1.1, >= 1.1.6)

GIT
  remote: https://github.com/onetwotrip/ruby-git.git
  revision: d93b06b74a85e3854bac8f6f6dffeb6a5b5612ef
  specs:
    git (1.2.9.1)

PATH
  remote: .
  specs:
    jira (0.1.0)

GEM
  remote: https://rubygems.org/
  specs:
    activesupport (4.2.6)
      i18n (~> 0.7)
      json (~> 1.7, >= 1.7.7)
      minitest (~> 5.1)
      thread_safe (~> 0.3, >= 0.3.4)
      tzinfo (~> 1.1)
    addressable (2.4.0)
    ast (2.2.0)
    codeclimate-test-reporter (0.5.0)
      simplecov (>= 0.7.1, < 1.0.0)
    colorize (0.7.7)
    diff-lcs (1.2.5)
    docile (1.1.5)
    domain_name (0.5.20160310)
      unf (>= 0.0.5, < 1.0.0)
    faraday (0.9.2)
      multipart-post (>= 1.2, < 3)
    http-cookie (1.0.2)
      domain_name (~> 0.5)
    i18n (0.7.0)
    java-properties (0.1.1)
    jira-ruby (0.1.17)
      activesupport
      oauth (~> 0.4.7)
    json (1.8.3)
    mime-types (2.99.1)
    mimemagic (0.3.1)
    minitest (5.8.4)
    multipart-post (2.0.0)
    netrc (0.11.0)
    oauth (0.4.7)
    parser (2.3.0.6)
      ast (~> 2.2)
    powerpack (0.1.1)
    rainbow (2.1.0)
    rake (11.1.1)
    rest-client (1.8.0)
      http-cookie (>= 1.0.2, < 2.0)
      mime-types (>= 1.16, < 3.0)
      netrc (~> 0.7)
    rspec (3.4.0)
      rspec-core (~> 3.4.0)
      rspec-expectations (~> 3.4.0)
      rspec-mocks (~> 3.4.0)
    rspec-core (3.4.4)
      rspec-support (~> 3.4.0)
    rspec-expectations (3.4.0)
      diff-lcs (>= 1.2.0, < 2.0)
      rspec-support (~> 3.4.0)
    rspec-mocks (3.4.1)
      diff-lcs (>= 1.2.0, < 2.0)
      rspec-support (~> 3.4.0)
    rspec-support (3.4.1)
    rubocop (0.38.0)
      parser (>= 2.3.0.6, < 3.0)
      powerpack (~> 0.1)
      rainbow (>= 1.99.1, < 3.0)
      ruby-progressbar (~> 1.7)
      unicode-display_width (~> 1.0, >= 1.0.1)
    ruby-progressbar (1.7.5)
    sendgrid-ruby (1.1.6)
      faraday (~> 0.9)
      mimemagic
      smtpapi (~> 0.1)
    simplecov (0.11.2)
      docile (~> 1.1.0)
      json (~> 1.8)
      simplecov-html (~> 0.10.0)
    simplecov-html (0.10.0)
    slop (4.3.0)
    smtpapi (0.1.0)
    thread_safe (0.3.5)
    tzinfo (1.2.2)
      thread_safe (~> 0.1)
    unf (0.1.4)
      unf_ext
    unf_ext (0.0.7.2)
    unicode-display_width (1.0.2)

PLATFORMS
  ruby

DEPENDENCIES
  SimpleConfig!
  addressable
  codeclimate-test-reporter
  colorize
  git!
  java-properties
  jira!
  jira-ruby
  json
  ottinfra-codereview!
  ottinfra-sendmail!
  rake
  rest-client
  rspec
  rubocop
  sendgrid-ruby
  simplecov
  slop

BUNDLED WITH
   1.12.1
