GIT
  remote: https://github.com/onetwotrip/ott_infra-codereview.git
  revision: ce848670573d15bfc86eda92ba248baabd8248bd
  specs:
    ottinfra-codereview (0.1.0)

GIT
  remote: https://github.com/onetwotrip/ott_infra-sendmail.git
  revision: 96a4831d218800ae897b98acec5ddec1efb8ec50
  branch: develop
  specs:
    ottinfra-sendmail (0.1.1)
      optimism (~> 3.3, >= 3.3.1)
      sendgrid-ruby (~> 1.1, >= 1.1.6)

GIT
  remote: https://github.com/onetwotrip/ruby-git.git
  revision: a7f5712eb94755f25d1950214a9857144e309f63
  branch: develop
  specs:
    git (1.2.9.1)

PATH
  remote: .
  specs:
    jira (0.1.0)

GEM
  remote: https://rubygems.org/
  specs:
    activesupport (4.2.5.1)
      i18n (~> 0.7)
      json (~> 1.7, >= 1.7.7)
      minitest (~> 5.1)
      thread_safe (~> 0.3, >= 0.3.4)
      tzinfo (~> 1.1)
    addressable (2.4.0)
    ast (2.2.0)
    astrolabe (1.3.1)
      parser (~> 2.2)
    diff-lcs (1.2.5)
    docile (1.1.5)
    domain_name (0.5.25)
      unf (>= 0.0.5, < 1.0.0)
    faraday (0.9.2)
      multipart-post (>= 1.2, < 3)
    http-cookie (1.0.2)
      domain_name (~> 0.5)
    i18n (0.7.0)
    java-properties (0.1.1)
    jira-ruby (0.1.17)
      activesupport
      oauth (~> 0.4.7)
    json (1.8.3)
    mime-types (2.99)
    mimemagic (0.3.1)
    minitest (5.8.4)
    multipart-post (2.0.0)
    netrc (0.11.0)
    oauth (0.4.7)
    optimism (3.3.1)
      json
      pd
    parser (2.3.0.2)
      ast (~> 2.2)
    pd (1.1.0)
    powerpack (0.1.1)
    rainbow (2.1.0)
    rake (10.5.0)
    rest-client (1.8.0)
      http-cookie (>= 1.0.2, < 2.0)
      mime-types (>= 1.16, < 3.0)
      netrc (~> 0.7)
    rspec (3.4.0)
      rspec-core (~> 3.4.0)
      rspec-expectations (~> 3.4.0)
      rspec-mocks (~> 3.4.0)
    rspec-core (3.4.2)
      rspec-support (~> 3.4.0)
    rspec-expectations (3.4.0)
      diff-lcs (>= 1.2.0, < 2.0)
      rspec-support (~> 3.4.0)
    rspec-mocks (3.4.1)
      diff-lcs (>= 1.2.0, < 2.0)
      rspec-support (~> 3.4.0)
    rspec-support (3.4.1)
    rubocop (0.35.1)
      astrolabe (~> 1.3)
      parser (>= 2.2.3.0, < 3.0)
      powerpack (~> 0.1)
      rainbow (>= 1.99.1, < 3.0)
      ruby-progressbar (~> 1.7)
      tins (<= 1.6.0)
    ruby-progressbar (1.7.5)
    sendgrid-ruby (1.1.6)
      faraday (~> 0.9)
      mimemagic
      smtpapi (~> 0.1)
    simplecov (0.11.1)
      docile (~> 1.1.0)
      json (~> 1.8)
      simplecov-html (~> 0.10.0)
    simplecov-html (0.10.0)
    slop (4.1.0)
    smtpapi (0.1.0)
    thread_safe (0.3.5)
    tins (1.6.0)
    tzinfo (1.2.2)
      thread_safe (~> 0.1)
    unf (0.1.4)
      unf_ext
    unf_ext (0.0.7.1)

PLATFORMS
  ruby

DEPENDENCIES
  addressable
  git!
  java-properties
  jira!
  jira-ruby
  json
  ottinfra-codereview!
  ottinfra-sendmail!
  rake
  rest-client
  rspec
  rubocop (= 0.35.1)
  sendgrid-ruby
  simplecov (~> 0.11.1)
  slop (= 4.1.0)

BUNDLED WITH
   1.11.2
